GEM
  remote: https://rubygems.org/
  specs:
    mime-types-data (3.2016.0521)

PLATFORMS
  ruby

DEPENDENCIES
  mime-types-data (= 3.2016.0521)

BUNDLED WITH
   1.14.3
