PATH
  remote: .
  specs:
    benchmark-output (0.0.0)

GEM
  remote: https://rubygems.org/
  specs:
    rake (10.5.0)

PLATFORMS
  ruby

DEPENDENCIES
  benchmark-output!
  bundler (~> 1.16)
  rake (~> 10.0)

BUNDLED WITH
   1.16.0
