PATH
  remote: /home/k0kubun/src/github.com/k0kubun/libx11-ruby
  specs:
    libx11 (0.1.0)

GEM
  remote: https://rubygems.org/
  specs:
    byebug (8.2.2)
    coderay (1.1.0)
    method_source (0.8.2)
    pry (0.10.3)
      coderay (~> 1.1.0)
      method_source (~> 0.8.1)
      slop (~> 3.4)
    pry-byebug (3.3.0)
      byebug (~> 8.0)
      pry (~> 0.10)
    pry-doc (0.8.0)
      pry (~> 0.9)
      yard (~> 0.8)
    slop (3.6.0)
    yard (0.8.7.6)

PLATFORMS
  ruby

DEPENDENCIES
  libx11!
  pry-byebug
  pry-doc

BUNDLED WITH
   1.11.2
